GEM
  remote: https://rubygems.org/
  specs:
    byebug (11.0.1)
    coderay (1.1.2)
    marc (1.0.4)
      scrub_rb (>= 1.0.1, < 2)
      unf
    method_source (0.9.2)
    pry (0.12.2)
      coderay (~> 1.1.0)
      method_source (~> 0.9.0)
    pry-byebug (3.7.0)
      byebug (~> 11.0)
      pry (~> 0.10)
    scrub_rb (1.0.1)
    thor (0.20.3)
    unf (0.1.4)
      unf_ext
    unf_ext (0.0.7.6)

PLATFORMS
  ruby

DEPENDENCIES
  marc
  pry-byebug
  thor

BUNDLED WITH
   2.0.2
